GEM
  remote: https://rubygems.org/
  specs:
    english (0.6.3)
      language
    language (0.6.0)

PLATFORMS
  ruby

DEPENDENCIES
  english (= 0.6.3)

BUNDLED WITH
   1.13.7
